PATH
  remote: .
  specs:
    ruby_gen_cli (0.1.0)
      fileutils (~> 1.7)
      json (~> 2.6)
      readline (~> 0.0.4)
      ruby_rich (~> 0.2)
      smart_agent (~> 0.1)
      smart_prompt (~> 0.1)
      thor (~> 1.3)
      yaml (~> 0.2)

GEM
  remote: https://rubygems.org/
  specs:
    ast (2.4.3)
    byebug (12.0.0)
    childprocess (5.1.0)
      logger (~> 1.5)
    coderay (1.1.3)
    diff-lcs (1.6.2)
    event_stream_parser (1.0.0)
    faraday (2.13.2)
      faraday-net_http (>= 2.0, < 3.5)
      json
      logger
    faraday-multipart (1.1.1)
      multipart-post (~> 2.0)
    faraday-net_http (3.4.1)
      net-http (>= 0.5.0)
    fileutils (1.7.3)
    io-console (0.8.0)
    json (2.12.2)
    language_server-protocol (3.17.0.5)
    lint_roller (1.1.0)
    logger (1.7.0)
    method_source (1.1.0)
    multipart-post (2.4.1)
    net-http (0.6.0)
      uri
    numo-narray (0.9.2.1)
    parallel (1.27.0)
    parser (3.3.8.0)
      ast (~> 2.4.1)
      racc
    prism (1.4.0)
    pry (0.15.2)
      coderay (~> 1.1)
      method_source (~> 1.0)
    pry-byebug (3.11.0)
      byebug (~> 12.0)
      pry (>= 0.13, < 0.16)
    racc (1.8.1)
    rainbow (3.1.1)
    rake (13.3.0)
    readline (0.0.4)
      reline
    regexp_parser (2.10.0)
    reline (0.6.1)
      io-console (~> 0.5)
    retriable (3.1.2)
    rspec (3.13.1)
      rspec-core (~> 3.13.0)
      rspec-expectations (~> 3.13.0)
      rspec-mocks (~> 3.13.0)
    rspec-core (3.13.5)
      rspec-support (~> 3.13.0)
    rspec-expectations (3.13.5)
      diff-lcs (>= 1.2.0, < 2.0)
      rspec-support (~> 3.13.0)
    rspec-mocks (3.13.5)
      diff-lcs (>= 1.2.0, < 2.0)
      rspec-support (~> 3.13.0)
    rspec-support (3.13.4)
    rubocop (1.78.0)
      json (~> 2.3)
      language_server-protocol (~> 3.17.0.2)
      lint_roller (~> 1.1.0)
      parallel (~> 1.10)
      parser (>= 3.3.0.2)
      rainbow (>= 2.2.2, < 4.0)
      regexp_parser (>= 2.9.3, < 3.0)
      rubocop-ast (>= 1.45.1, < 2.0)
      ruby-progressbar (~> 1.7)
      unicode-display_width (>= 2.4.0, < 4.0)
    rubocop-ast (1.45.1)
      parser (>= 3.3.7.2)
      prism (~> 1.4)
    rubocop-capybara (2.22.1)
      lint_roller (~> 1.1)
      rubocop (~> 1.72, >= 1.72.1)
    rubocop-factory_bot (2.27.1)
      lint_roller (~> 1.1)
      rubocop (~> 1.72, >= 1.72.1)
    rubocop-rspec (2.31.0)
      rubocop (~> 1.40)
      rubocop-capybara (~> 2.17)
      rubocop-factory_bot (~> 2.22)
      rubocop-rspec_rails (~> 2.28)
    rubocop-rspec_rails (2.29.1)
      rubocop (~> 1.61)
    ruby-openai (8.1.0)
      event_stream_parser (>= 0.3.0, < 2.0.0)
      faraday (>= 1)
      faraday-multipart (>= 1)
    ruby-progressbar (1.13.0)
    ruby_rich (0.3.1)
    safe_ruby (1.0.5)
      childprocess (~> 5)
    smart_agent (0.2.0)
      smart_prompt
    smart_prompt (0.3.3)
      json (~> 2.12.0)
      numo-narray (~> 0.9.2.1)
      retriable (~> 3.1.2)
      ruby-openai (~> 8.1.0)
      safe_ruby (~> 1.0.5)
      yaml (~> 0.4.0)
    thor (1.3.2)
    unicode-display_width (3.1.4)
      unicode-emoji (~> 4.0, >= 4.0.4)
    unicode-emoji (4.0.4)
    uri (1.0.3)
    yaml (0.4.0)
    yard (0.9.37)

PLATFORMS
  ruby
  x86_64-linux

DEPENDENCIES
  bundler (~> 2.4)
  pry (~> 0.14)
  pry-byebug (~> 3.10)
  rake (~> 13.0)
  rspec (~> 3.12)
  rubocop (~> 1.57)
  rubocop-rspec (~> 2.25)
  ruby_gen_cli!
  yard (~> 0.9)

RUBY VERSION
   ruby 3.3.5p100

BUNDLED WITH
   2.5.16
